GIT
  remote: https://github.com/Paxa/process_memory.git
  revision: 282c75336a4a6b92207cd1eaa57f20887b92601e
  specs:
    process_memory (0.1)

PATH
  remote: .
  specs:
    light_record (0.4)

GEM
  remote: https://rubygems.org/
  specs:
    activemodel (7.0.2.2)
      activesupport (= 7.0.2.2)
    activerecord (7.0.2.2)
      activemodel (= 7.0.2.2)
      activesupport (= 7.0.2.2)
    activesupport (7.0.2.2)
      concurrent-ruby (~> 1.0, >= 1.0.2)
      i18n (>= 1.6, < 2)
      minitest (>= 5.1)
      tzinfo (~> 2.0)
    ansi (1.5.0)
    benchmark-ips (2.10.0)
    benchmark-memory (0.2.0)
      memory_profiler (~> 1)
    builder (3.2.4)
    concurrent-ruby (1.1.9)
    flamegraph (0.9.5)
    i18n (1.10.0)
      concurrent-ruby (~> 1.0)
    looksee (4.4.0)
    memory_profiler (1.0.0)
    minitest (5.15.0)
    minitest-reporters (1.5.0)
      ansi
      builder
      minitest (>= 5.0)
      ruby-progressbar
    mysql2 (0.5.3)
    pg (1.3.3)
    rake (13.0.6)
    ruby-progressbar (1.11.0)
    sequel (5.53.0)
    tzinfo (2.0.4)
      concurrent-ruby (~> 1.0)

PLATFORMS
  ruby
  x86_64-darwin-19

DEPENDENCIES
  activerecord (< 8.0)
  benchmark-ips
  benchmark-memory
  flamegraph
  light_record!
  looksee
  memory_profiler
  minitest-reporters
  mysql2
  pg
  process_memory!
  rake
  sequel

BUNDLED WITH
   2.3.8
