GIT
  remote: git://github.com/Paxa/process_memory.git
  revision: 82ded43971bc841981a78dc55fea915aeec9be34
  specs:
    process_memory (0.1)

PATH
  remote: .
  specs:
    light_record (0.1)

GEM
  remote: https://rubygems.org/
  specs:
    activemodel (5.0.0.1)
      activesupport (= 5.0.0.1)
    activerecord (5.0.0.1)
      activemodel (= 5.0.0.1)
      activesupport (= 5.0.0.1)
      arel (~> 7.0)
    activesupport (5.0.0.1)
      concurrent-ruby (~> 1.0, >= 1.0.2)
      i18n (~> 0.7)
      minitest (~> 5.1)
      tzinfo (~> 1.1)
    ansi (1.5.0)
    arel (7.1.1)
    benchmark-ips (2.5.0)
    builder (3.2.2)
    concurrent-ruby (1.0.2)
    fast_stack (0.1.0)
      rake
      rake-compiler
    flamegraph (0.1.0)
      fast_stack
    i18n (0.7.0)
    looksee (3.1.0)
    memory_profiler (0.9.6)
    minitest (5.8.4)
    minitest-reporters (1.1.8)
      ansi
      builder
      minitest (>= 5.0)
      ruby-progressbar
    mysql2 (0.4.4)
    rake (10.5.0)
    rake-compiler (0.9.6)
      rake
    ruby-progressbar (1.7.5)
    thread_safe (0.3.5)
    tzinfo (1.2.2)
      thread_safe (~> 0.1)

PLATFORMS
  ruby

DEPENDENCIES
  activerecord (>= 5.0)
  benchmark-ips
  flamegraph
  light_record!
  looksee
  memory_profiler
  minitest-reporters
  mysql2 (= 0.4.4)
  process_memory!

BUNDLED WITH
   1.12.5
