GIT
  remote: git://github.com/Paxa/process_memory.git
  revision: 82ded43971bc841981a78dc55fea915aeec9be34
  specs:
    process_memory (0.1)

PATH
  remote: .
  specs:
    light_record (0.1)

GEM
  remote: https://rubygems.org/
  specs:
    activemodel (4.1.13)
      activesupport (= 4.1.13)
      builder (~> 3.1)
    activerecord (4.1.13)
      activemodel (= 4.1.13)
      activesupport (= 4.1.13)
      arel (~> 5.0.0)
    activesupport (4.1.13)
      i18n (~> 0.6, >= 0.6.9)
      json (~> 1.7, >= 1.7.7)
      minitest (~> 5.1)
      thread_safe (~> 0.1)
      tzinfo (~> 1.1)
    ansi (1.5.0)
    arel (5.0.1.20140414130214)
    benchmark-ips (2.3.0)
    builder (3.2.2)
    fast_stack (0.1.0)
      rake
      rake-compiler
    flamegraph (0.1.0)
      fast_stack
    i18n (0.7.0)
    json (1.8.3)
    looksee (3.1.0)
    memory_profiler (0.9.5)
    minitest (5.8.1)
    minitest-reporters (1.1.3)
      ansi
      builder
      minitest (>= 5.0)
      ruby-progressbar
    mysql2 (0.3.17)
    rake (10.4.2)
    rake-compiler (0.9.5)
      rake
    ruby-progressbar (1.7.5)
    thread_safe (0.3.5)
    tzinfo (1.2.2)
      thread_safe (~> 0.1)

PLATFORMS
  ruby

DEPENDENCIES
  activerecord (= 4.1.13)
  benchmark-ips
  flamegraph
  light_record!
  looksee
  memory_profiler
  minitest-reporters
  mysql2 (= 0.3.17)
  process_memory!

BUNDLED WITH
   1.10.6
