GIT
  remote: git://github.com/Paxa/process_memory.git
  revision: 82ded43971bc841981a78dc55fea915aeec9be34
  specs:
    process_memory (0.1)

PATH
  remote: .
  specs:
    light_record (0.1)

GEM
  remote: https://rubygems.org/
  specs:
    activemodel (4.2.6)
      activesupport (= 4.2.6)
      builder (~> 3.1)
    activerecord (4.2.6)
      activemodel (= 4.2.6)
      activesupport (= 4.2.6)
      arel (~> 6.0)
    activesupport (4.2.6)
      i18n (~> 0.7)
      json (~> 1.7, >= 1.7.7)
      minitest (~> 5.1)
      thread_safe (~> 0.3, >= 0.3.4)
      tzinfo (~> 1.1)
    ansi (1.5.0)
    arel (6.0.3)
    benchmark-ips (2.5.0)
    builder (3.2.2)
    fast_stack (0.1.0)
      rake
      rake-compiler
    flamegraph (0.1.0)
      fast_stack
    i18n (0.7.0)
    json (1.8.3)
    looksee (3.1.0)
    memory_profiler (0.9.6)
    minitest (5.8.4)
    minitest-reporters (1.1.8)
      ansi
      builder
      minitest (>= 5.0)
      ruby-progressbar
    mysql2 (0.4.3)
    rake (10.5.0)
    rake-compiler (0.9.6)
      rake
    ruby-progressbar (1.7.5)
    thread_safe (0.3.5)
    tzinfo (1.2.2)
      thread_safe (~> 0.1)

PLATFORMS
  ruby

DEPENDENCIES
  activerecord (= 4.2.6)
  benchmark-ips
  flamegraph
  light_record!
  looksee
  memory_profiler
  minitest-reporters
  mysql2 (= 0.4.3)
  process_memory!

BUNDLED WITH
   1.11.2
