GIT
  remote: https://github.com/Paxa/process_memory.git
  revision: 282c75336a4a6b92207cd1eaa57f20887b92601e
  specs:
    process_memory (0.1)

PATH
  remote: .
  specs:
    light_record (0.3)

GEM
  remote: https://rubygems.org/
  specs:
    activemodel (5.2.3)
      activesupport (= 5.2.3)
    activerecord (5.2.3)
      activemodel (= 5.2.3)
      activesupport (= 5.2.3)
      arel (>= 9.0)
    activesupport (5.2.3)
      concurrent-ruby (~> 1.0, >= 1.0.2)
      i18n (>= 0.7, < 2)
      minitest (~> 5.1)
      tzinfo (~> 1.1)
    ansi (1.5.0)
    arel (9.0.0)
    benchmark-ips (2.7.2)
    benchmark-memory (0.1.2)
      memory_profiler (~> 0.9)
    builder (3.2.3)
    concurrent-ruby (1.1.5)
    flamegraph (0.9.5)
    i18n (1.6.0)
      concurrent-ruby (~> 1.0)
    looksee (4.1.0)
    memory_profiler (0.9.13)
    minitest (5.11.3)
    minitest-reporters (1.3.6)
      ansi
      builder
      minitest (>= 5.0)
      ruby-progressbar
    mysql2 (0.5.2)
    pg (1.1.4)
    ruby-progressbar (1.10.0)
    sequel (5.21.0)
    thread_safe (0.3.6)
    tzinfo (1.2.5)
      thread_safe (~> 0.1)

PLATFORMS
  ruby

DEPENDENCIES
  activerecord (>= 5.0)
  benchmark-ips
  benchmark-memory
  flamegraph
  light_record!
  looksee
  memory_profiler
  minitest-reporters
  mysql2 (~> 0.4)
  pg
  process_memory!
  sequel

BUNDLED WITH
   2.0.1
